GEM
  remote: https://rubygems.org/
  specs:
    clasp-ruby (0.23.0.2)
    highline (2.1.0)
    libclimate-ruby (0.17.0)
      clasp-ruby (~> 0.23, >= 0.23.0.2)
      xqsr3 (~> 0.39)
    recls-ruby (2.13.1)
    xqsr3 (0.39.3)

PLATFORMS
  x86_64-darwin-20

DEPENDENCIES
  highline
  libclimate-ruby (~> 0.17)
  recls-ruby (~> 2)
  xqsr3 (~> 0.39)

BUNDLED WITH
   2.3.17
